PATH
  remote: .
  specs:
    free_zipcode_data (1.0.2)
      colored (~> 1.2)
      kiba (~> 2.0)
      optimist (~> 3.0)
      ruby-progressbar (~> 1.9)
      rubyzip (>= 1.2.2)
      sqlite3 (~> 1.3)

GEM
  remote: https://rubygems.org/
  specs:
    ast (2.4.0)
    coderay (1.1.2)
    colored (1.2)
    diff-lcs (1.3)
    docile (1.3.0)
    json (2.3.1)
    kiba (2.0.0)
    method_source (0.8.2)
    optimist (3.0.0)
    parallel (1.12.1)
    parser (2.5.1.0)
      ast (~> 2.4.0)
    powerpack (0.1.1)
    pry (0.10.4)
      coderay (~> 1.1.0)
      method_source (~> 0.8.1)
      slop (~> 3.4)
    pry-nav (0.2.4)
      pry (>= 0.9.10, < 0.11.0)
    rainbow (3.0.0)
    rake (13.0.1)
    rspec (3.7.0)
      rspec-core (~> 3.7.0)
      rspec-expectations (~> 3.7.0)
      rspec-mocks (~> 3.7.0)
    rspec-core (3.7.1)
      rspec-support (~> 3.7.0)
    rspec-expectations (3.7.0)
      diff-lcs (>= 1.2.0, < 2.0)
      rspec-support (~> 3.7.0)
    rspec-mocks (3.7.0)
      diff-lcs (>= 1.2.0, < 2.0)
      rspec-support (~> 3.7.0)
    rspec-support (3.7.1)
    rubocop (0.55.0)
      parallel (~> 1.10)
      parser (>= 2.5)
      powerpack (~> 0.1)
      rainbow (>= 2.2.2, < 4.0)
      ruby-progressbar (~> 1.7)
      unicode-display_width (~> 1.0, >= 1.0.1)
    ruby-prof (0.17.0)
    ruby-progressbar (1.9.0)
    rubyzip (1.3.0)
    simplecov (0.16.1)
      docile (~> 1.1)
      json (>= 1.8, < 3)
      simplecov-html (~> 0.10.0)
    simplecov-html (0.10.2)
    slop (3.6.0)
    sqlite3 (1.3.13)
    unicode-display_width (1.3.2)

PLATFORMS
  ruby

DEPENDENCIES
  bundler (~> 1.16)
  free_zipcode_data!
  pry-nav (~> 0.2)
  rake (~> 13.0)
  rspec (~> 3.7)
  rubocop (~> 0.55)
  ruby-prof (~> 0.17)
  simplecov (~> 0.16)

BUNDLED WITH
   1.17.1
